GEM
  remote: https://rubygems.org/
  specs:
    bcrypt (3.1.19)
    bson (4.15.0)
    byebug (11.1.3)
    diff-lcs (1.5.0)
    dotenv (2.8.1)
    json (2.6.3)
    jwt (2.7.1)
    mongo (2.19.0)
      bson (>= 4.14.1, < 5.0.0)
    mustermann (3.0.0)
      ruby2_keywords (~> 0.0.1)
    nio4r (2.5.9)
    puma (6.3.0)
      nio4r (~> 2.0)
    rack (2.2.7)
    rack-cache (1.14.0)
      rack (>= 0.4)
    rack-protection (3.0.6)
      rack
    rack-test (2.1.0)
      rack (>= 1.3)
    rake (13.0.6)
    rspec (3.12.0)
      rspec-core (~> 3.12.0)
      rspec-expectations (~> 3.12.0)
      rspec-mocks (~> 3.12.0)
    rspec-core (3.12.2)
      rspec-support (~> 3.12.0)
    rspec-expectations (3.12.3)
      diff-lcs (>= 1.2.0, < 2.0)
      rspec-support (~> 3.12.0)
    rspec-mocks (3.12.6)
      diff-lcs (>= 1.2.0, < 2.0)
      rspec-support (~> 3.12.0)
    rspec-support (3.12.1)
    ruby2_keywords (0.0.5)
    sinatra (3.0.6)
      mustermann (~> 3.0)
      rack (~> 2.2, >= 2.2.4)
      rack-protection (= 3.0.6)
      tilt (~> 2.0)
    tilt (2.2.0)

PLATFORMS
  x86_64-linux

DEPENDENCIES
  bcrypt (~> 3.1)
  byebug (~> 11.1)
  dotenv (~> 2.8)
  json (~> 2.6)
  jwt (~> 2.7)
  mongo (~> 2.19)
  puma (~> 6.3)
  rack-cache (~> 1.14)
  rack-test (~> 2.1)
  rake (~> 13.0)
  rspec (~> 3.12)
  sinatra (~> 3.0)

BUNDLED WITH
   2.4.15
